GIT
  remote: https://github.com/pushpop-project/pushpop
  revision: 738119674dcfd0d58d688d6d3914eae5b40b58b7
  specs:
    pushpop (0.1.1)
      clockwork
      dotenv
      thor

GEM
  remote: https://rubygems.org/
  specs:
    activesupport (4.1.4)
      i18n (~> 0.6, >= 0.6.9)
      json (~> 1.7, >= 1.7.7)
      minitest (~> 5.1)
      thread_safe (~> 0.1)
      tzinfo (~> 1.1)
    clockwork (0.7.7)
      activesupport
      tzinfo
    dotenv (0.11.1)
      dotenv-deployment (~> 0.0.2)
    dotenv-deployment (0.0.2)
    i18n (0.6.11)
    json (1.8.1)
    minitest (5.4.0)
    thor (0.19.1)
    thread_safe (0.3.4)
    tzinfo (1.2.1)
      thread_safe (~> 0.1)

PLATFORMS
  ruby

DEPENDENCIES
  pushpop!
